GEM
  specs:

PLATFORMS
  x64-mingw32

DEPENDENCIES

BUNDLED WITH
   2.0.2
